GEM
  remote: https://rubygems.org/
  specs:
    dotenv (3.1.6)
    minitest (5.25.2)

PLATFORMS
  ruby
  x86_64-linux

DEPENDENCIES
  dotenv
  minitest

BUNDLED WITH
   2.5.23
